PATH
  remote: .
  specs:
    gameday_api (0.0.1)
      nokogiri

GEM
  remote: https://rubygems.org/
  specs:
    mini_portile (0.6.2)
    nokogiri (1.6.6.2)
      mini_portile (~> 0.6.0)

PLATFORMS
  ruby

DEPENDENCIES
  gameday_api!
